GEM
  remote: http://rubygems.org/
  specs:
    actionpack (2.3.10)
      activesupport (= 2.3.10)
      rack (~> 1.1.0)
    activerecord (2.3.10)
      activesupport (= 2.3.10)
    activesupport (2.3.10)
    columnize (0.3.2)
    git (1.2.5)
    jeweler (1.5.2)
      bundler (~> 1.0.0)
      git (>= 1.2.5)
      rake
    linecache (0.43)
    mocha (0.9.12)
    rack (1.1.2)
    rake (0.8.7)
    ruby-debug (0.10.4)
      columnize (>= 0.1)
      ruby-debug-base (~> 0.10.4.0)
    ruby-debug-base (0.10.4)
      linecache (>= 0.3)
    shoulda (2.11.3)
    sqlite3 (1.3.3)

PLATFORMS
  ruby

DEPENDENCIES
  actionpack (~> 2.3.10)
  activerecord (~> 2.3.10)
  activesupport (~> 2.3.10)
  bundler (~> 1.0.0)
  jeweler (~> 1.5.1)
  mocha
  ruby-debug
  shoulda
  sqlite3
